GEM
  remote: https://rubygems.org/
  specs:
    dotenv (2.7.6)
    noko (1.7.0)

PLATFORMS
  x86_64-darwin-20

DEPENDENCIES
  dotenv
  noko

BUNDLED WITH
   2.2.22
